PATH
  remote: .
  specs:
    ruby-exploration (0.1.0)

GEM
  remote: https://rubygems.org/
  specs:
    debase (0.2.4.1)
      debase-ruby_core_source (>= 0.10.2)
    debase-ruby_core_source (3.3.1)
    diff-lcs (1.5.1)
    language_server-protocol (3.17.0.3)
    prism (0.24.0)
    rake (12.3.3)
    rspec (3.13.0)
      rspec-core (~> 3.13.0)
      rspec-expectations (~> 3.13.0)
      rspec-mocks (~> 3.13.0)
    rspec-core (3.13.0)
      rspec-support (~> 3.13.0)
    rspec-expectations (3.13.0)
      diff-lcs (>= 1.2.0, < 2.0)
      rspec-support (~> 3.13.0)
    rspec-mocks (3.13.0)
      diff-lcs (>= 1.2.0, < 2.0)
      rspec-support (~> 3.13.0)
    rspec-support (3.13.1)
    ruby-debug-ide (0.7.3)
      rake (>= 0.8.1)
    ruby-lsp (0.14.6)
      language_server-protocol (~> 3.17.0)
      prism (>= 0.22.0, < 0.25)
      sorbet-runtime (>= 0.5.10782)
    ruby-lsp-rspec (0.1.10)
      ruby-lsp (~> 0.14.0)
    sorbet (0.5.11295)
      sorbet-static (= 0.5.11295)
    sorbet-runtime (0.5.11295)
    sorbet-static (0.5.11295-aarch64-linux)
    sorbet-static (0.5.11295-universal-darwin)
    sorbet-static (0.5.11295-x86_64-linux)

PLATFORMS
  ruby
  x64-mingw32

DEPENDENCIES
  debase (~> 0.2.4)
  rake (~> 12.0)
  rspec (~> 3.0)
  rspec-core (~> 3.11)
  ruby-debug-ide (~> 0.7.3)
  ruby-exploration!
  ruby-lsp-rspec
  sorbet (~> 0.5.9905)
  sorbet-runtime (~> 0.5.9903)

BUNDLED WITH
   2.2.33
