PATH
  remote: .
  specs:
    ruby-exploration (0.1.0)

GEM
  remote: https://rubygems.org/
  specs:
    debase (0.2.4.1)
      debase-ruby_core_source (>= 0.10.2)
    debase-ruby_core_source (0.10.15)
    diff-lcs (1.5.0)
    mechanize (1.0.0)
      nokogiri (>= 1.2.1)
    nokogiri (1.12.5-x86_64-linux)
      racc (~> 1.4)
    racc (1.6.0)
    rake (12.3.3)
    rspec (3.11.0)
      rspec-core (~> 3.11.0)
      rspec-expectations (~> 3.11.0)
      rspec-mocks (~> 3.11.0)
    rspec-core (3.11.0)
      rspec-support (~> 3.11.0)
    rspec-expectations (3.11.0)
      diff-lcs (>= 1.2.0, < 2.0)
      rspec-support (~> 3.11.0)
    rspec-mocks (3.11.1)
      diff-lcs (>= 1.2.0, < 2.0)
      rspec-support (~> 3.11.0)
    rspec-support (3.11.0)
    ruby-debug-ide (0.7.3)
      rake (>= 0.8.1)
    sorbet (0.5.9905)
      sorbet-static (= 0.5.9905)
    sorbet-runtime (0.5.9905)
    sorbet-static (0.5.9905-x86_64-linux)
    watchman (0.1.1)
      mechanize (= 1.0.0)

PLATFORMS
  ruby
  x64-mingw32

DEPENDENCIES
  debase (~> 0.2.4)
  rake (~> 12.0)
  rspec (~> 3.0)
  rspec-core (~> 3.11)
  ruby-debug-ide (~> 0.7.3)
  ruby-exploration!
  sorbet (~> 0.5.9905)
  sorbet-runtime (~> 0.5.9903)
  watchman (~> 0.1.1)

BUNDLED WITH
   2.1.4
