PATH
  remote: .
  specs:
    ruby-exploration (0.1.0)

GEM
  remote: https://rubygems.org/
  specs:
    debase (0.2.4.1)
      debase-ruby_core_source (>= 0.10.2)
    debase-ruby_core_source (0.10.15)
    diff-lcs (1.5.0)
    language_server-protocol (3.17.0.3)
    prism (0.19.0)
    rake (12.3.3)
    rspec (3.11.0)
      rspec-core (~> 3.11.0)
      rspec-expectations (~> 3.11.0)
      rspec-mocks (~> 3.11.0)
    rspec-core (3.11.0)
      rspec-support (~> 3.11.0)
    rspec-expectations (3.11.0)
      diff-lcs (>= 1.2.0, < 2.0)
      rspec-support (~> 3.11.0)
    rspec-mocks (3.11.1)
      diff-lcs (>= 1.2.0, < 2.0)
      rspec-support (~> 3.11.0)
    rspec-support (3.11.0)
    ruby-debug-ide (0.7.3)
      rake (>= 0.8.1)
    ruby-lsp (0.13.3)
      language_server-protocol (~> 3.17.0)
      prism (>= 0.19.0, < 0.20)
      sorbet-runtime (>= 0.5.5685)
    ruby-lsp-rspec (0.1.9)
      ruby-lsp (~> 0.13.0)
    sorbet (0.5.9905)
      sorbet-static (= 0.5.9905)
    sorbet-runtime (0.5.9905)
    sorbet-static (0.5.9905-universal-darwin-14)
    sorbet-static (0.5.9905-universal-darwin-15)
    sorbet-static (0.5.9905-universal-darwin-16)
    sorbet-static (0.5.9905-universal-darwin-17)
    sorbet-static (0.5.9905-universal-darwin-18)
    sorbet-static (0.5.9905-universal-darwin-19)
    sorbet-static (0.5.9905-universal-darwin-20)
    sorbet-static (0.5.9905-universal-darwin-21)
    sorbet-static (0.5.9905-x86_64-linux)

PLATFORMS
  ruby
  x64-mingw32

DEPENDENCIES
  debase (~> 0.2.4)
  rake (~> 12.0)
  rspec (~> 3.0)
  rspec-core (~> 3.11)
  ruby-debug-ide (~> 0.7.3)
  ruby-exploration!
  ruby-lsp-rspec
  sorbet (~> 0.5.9905)
  sorbet-runtime (~> 0.5.9903)

BUNDLED WITH
   2.2.33
